GEM
  remote: http://rubygems.org/
  specs:
    ShyRubyJS (0.0.1)
      sourcify (~> 0)
    file-tail (1.0.6)
      spruz (~> 0.2)
    git (1.2.5)
    jeweler (1.6.4)
      bundler (~> 1.0)
      git (>= 1.2.5)
      rake
    rake (0.9.2)
    rcov (0.9.10)
    ruby2ruby (1.2.5)
      ruby_parser (~> 2.0)
      sexp_processor (~> 3.0)
    ruby_parser (2.0.6)
      sexp_processor (~> 3.0)
    sexp_processor (3.0.5)
    sourcify (0.5.0)
      file-tail (>= 1.0.5)
      ruby2ruby (>= 1.2.5)
      ruby_parser (>= 2.0.5)
      sexp_processor (>= 3.0.5)
    spruz (0.2.12)

PLATFORMS
  ruby

DEPENDENCIES
  ShyRubyJS
  bundler (~> 1.0.0)
  jeweler (~> 1.6.4)
  rcov
  sourcify (~> 0.5.0)
